GEM
  remote: https://rubygems.org/
  specs:
    minitest (5.9.1)
    rake (12.3.1)

PLATFORMS
  ruby

DEPENDENCIES
  minitest
  rake (~> 12.3)

BUNDLED WITH
   1.13.6
